PATH
  remote: BCDice
  specs:
    bcdice (3.0.0)
      i18n (~> 1.8.5)

GEM
  remote: https://rubygems.org/
  specs:
    ast (2.4.1)
    codecov (0.2.13)
      simplecov (~> 0.18.0)
    concurrent-ruby (1.1.8)
    docile (1.3.5)
    i18n (1.8.8)
      concurrent-ruby (~> 1.0)
    opal (1.0.5)
      ast (>= 2.3.0)
      parser (~> 2.6)
    parallel (1.20.1)
    parser (2.7.2.0)
      ast (~> 2.4.1)
    power_assert (1.2.0)
    racc (1.5.2)
    rainbow (3.0.0)
    rake (13.0.3)
    regexp_parser (2.0.3)
    rexml (3.2.4)
    rubocop (1.7.0)
      parallel (~> 1.10)
      parser (>= 2.7.1.5)
      rainbow (>= 2.2.2, < 4.0)
      regexp_parser (>= 1.8, < 3.0)
      rexml
      rubocop-ast (>= 1.2.0, < 2.0)
      ruby-progressbar (~> 1.7)
      unicode-display_width (>= 1.4.0, < 2.0)
    rubocop-ast (1.3.0)
      parser (>= 2.7.1.5)
    ruby-progressbar (1.11.0)
    simplecov (0.18.5)
      docile (~> 1.1)
      simplecov-html (~> 0.11)
    simplecov-html (0.12.3)
    test-unit (3.3.9)
      power_assert
    tomlrb (2.0.1)
    unicode-display_width (1.7.0)
    yard (0.9.26)

PLATFORMS
  ruby
  x64-mingw32

DEPENDENCIES
  bcdice!
  codecov (= 0.2.13)
  opal
  racc (~> 1.5.1)
  rake (~> 13.0.3)
  rubocop (~> 1.7.0)
  simplecov (~> 0.18.5)
  test-unit (~> 3.3.7)
  tomlrb
  yard

BUNDLED WITH
   2.1.4
